PATH
  remote: .
  specs:
    elevate (0.4.0)

GEM
  remote: https://rubygems.org/
  specs:
    coderay (1.0.8)
    guard (1.6.2)
      listen (>= 0.6.0)
      lumberjack (>= 1.0.2)
      pry (>= 0.9.10)
      terminal-table (>= 1.4.3)
      thor (>= 0.14.6)
    guard-motion (0.1.1)
      guard (>= 1.1.0)
      rake (>= 0.9)
    listen (0.7.2)
    lumberjack (1.0.2)
    method_source (0.8.1)
    pry (0.9.11.4)
      coderay (~> 1.0.5)
      method_source (~> 0.8)
      slop (~> 3.4)
    rake (0.9.6)
    rb-fsevent (0.9.3)
    slop (3.4.3)
    terminal-table (1.4.5)
    thor (0.17.0)
    webstub (0.3.4)

PLATFORMS
  ruby

DEPENDENCIES
  elevate!
  guard-motion (~> 0.1.1)
  rake (>= 0.9.0)
  rb-fsevent (~> 0.9.1)
  webstub (~> 0.3.3)
