GIT
  remote: git://github.com/mordaroso/guard-motion.git
  revision: 5ab393350d8b66a752f8197bac9375a3b3e52263
  specs:
    guard-motion (0.1.1)
      guard (>= 1.1.0)
      rake (>= 0.9)

GEM
  remote: http://rubygems.org/
  specs:
    coderay (1.0.8)
    guard (1.6.1)
      listen (>= 0.6.0)
      lumberjack (>= 1.0.2)
      pry (>= 0.9.10)
      thor (>= 0.14.6)
    listen (0.7.0)
    lumberjack (1.0.2)
    method_source (0.8.1)
    pry (0.9.10)
      coderay (~> 1.0.5)
      method_source (~> 0.8)
      slop (~> 3.3.1)
    rake (10.0.3)
    rb-fsevent (0.9.3)
    slop (3.3.3)
    terminal-notifier-guard (1.5.3)
    thor (0.16.0)
    webstub (0.3.4)

PLATFORMS
  ruby

DEPENDENCIES
  guard
  guard-motion!
  rake
  rb-fsevent (~> 0.9.1)
  terminal-notifier-guard
  webstub (~> 0.3.3)
